PATH
  remote: .
  specs:
    gammo (0.2.0)

GEM
  remote: https://rubygems.org/
  specs:
    docile (1.3.2)
    erubi (1.9.0)
    power_assert (1.2.0)
    racc (1.5.0)
    rake (12.3.3)
    simplecov (0.18.5)
      docile (~> 1.1)
      simplecov-html (~> 0.11)
    simplecov-html (0.12.3)
    test-unit (3.3.6)
      power_assert
    yard (0.9.25)

PLATFORMS
  ruby

DEPENDENCIES
  erubi
  gammo!
  racc
  rake (~> 12.0)
  simplecov
  test-unit (~> 3.3.5)
  yard

BUNDLED WITH
   2.2.3
